GEM
  specs:
    logger (1.7.0)
    pg (1.6.0-arm64-darwin)
    rack (3.2.0)
    rack-cors (3.0.0)
      logger
      rack (>= 3.0.14)

PLATFORMS
  arm64-darwin

DEPENDENCIES
  pg
  rack-cors

BUNDLED WITH
   2.7.1
